GEM
  remote: https://rubygems.org/
  specs:
    CFPropertyList (2.2.0)
    awesome_print (1.1.0)
    builder (3.2.0)
    calabash-android (0.4.4)
      awesome_print
      cucumber
      json
      retriable
      rubyzip
      slowhandcuke
    calabash-common (0.0.1)
      cucumber (~> 1.3.0)
    calabash-cucumber (0.9.145.pre5)
      CFPropertyList
      awesome_print
      bundler (~> 1.1)
      calabash-common (~> 0.0.1)
      cucumber (~> 1.3.0)
      httpclient (= 2.3.2)
      json
      location-one (~> 0.0.9)
      run_loop (~> 0.0.10)
      sim_launcher (= 0.4.6)
      slowhandcuke
    coderay (1.0.9)
    cucumber (1.3.1)
      builder (>= 2.1.2)
      diff-lcs (>= 1.1.3)
      gherkin (~> 2.12.0)
      multi_json (~> 1.3)
    diff-lcs (1.2.4)
    geocoder (1.1.8)
    gherkin (2.12.0)
      multi_json (~> 1.3)
    httpclient (2.3.2)
    json (1.8.0)
    location-one (0.0.9)
      geocoder (~> 1.1)
      httpclient (= 2.3.2)
      json
    method_source (0.8.1)
    multi_json (1.7.3)
    pry (0.9.12.2)
      coderay (~> 1.0.5)
      method_source (~> 0.8)
      slop (~> 3.4)
    rack (1.5.2)
    rack-protection (1.5.0)
      rack
    retriable (1.3.3)
    rspec (2.13.0)
      rspec-core (~> 2.13.0)
      rspec-expectations (~> 2.13.0)
      rspec-mocks (~> 2.13.0)
    rspec-core (2.13.1)
    rspec-expectations (2.13.0)
      diff-lcs (>= 1.1.3, < 2.0)
    rspec-mocks (2.13.1)
    rubyzip (0.9.9)
    run_loop (0.0.10)
      json
      thor
    sim_launcher (0.4.6)
      sinatra
    sinatra (1.4.2)
      rack (~> 1.5, >= 1.5.2)
      rack-protection (~> 1.4)
      tilt (~> 1.3, >= 1.3.4)
    slop (3.4.5)
    slowhandcuke (0.0.3)
      cucumber
    thor (0.18.1)
    tilt (1.4.1)

PLATFORMS
  ruby

DEPENDENCIES
  calabash-android (= 0.4.4)
  calabash-cucumber (= 0.9.145.pre5)
  pry
  rspec
